PATH
  remote: ..
  specs:
    jaeger-client (1.2.0)
      opentracing (~> 0.3)
      thrift

GEM
  remote: https://rubygems.org/
  specs:
    mustermann (1.1.1)
      ruby2_keywords (~> 0.0.1)
    opentracing (0.5.0)
    rack (2.2.3)
    rack-protection (2.1.0)
      rack
    ruby2_keywords (0.0.5)
    sinatra (2.1.0)
      mustermann (~> 1.0)
      rack (~> 2.2)
      rack-protection (= 2.1.0)
      tilt (~> 2.0)
    thrift (0.15.0)
    tilt (2.0.10)
    webrick (1.7.0)

PLATFORMS
  ruby

DEPENDENCIES
  jaeger-client!
  rack
  sinatra
  webrick (~> 1.7)

BUNDLED WITH
   2.3.5
